GEM
  remote: https://rubygems.org/
  specs:
    kitchen-digital_ocean (0.4.0)
      rest-client (~> 1.7)
      test-kitchen (~> 1.0)
    kitchen-puppet (0.0.24)
    kitchen-sync (1.0.1)
      net-sftp
      test-kitchen (>= 1.0.0)
    mime-types (2.4.3)
    mixlib-shellout (2.0.1)
    net-scp (1.2.1)
      net-ssh (>= 2.6.5)
    net-sftp (2.1.2)
      net-ssh (>= 2.6.5)
    net-ssh (2.9.2)
    netrc (0.10.3)
    rest-client (1.7.3)
      mime-types (>= 1.16, < 3.0)
      netrc (~> 0.7)
    safe_yaml (1.0.4)
    test-kitchen (1.3.1)
      mixlib-shellout (>= 1.2, < 3.0)
      net-scp (~> 1.1)
      net-ssh (~> 2.7)
      safe_yaml (~> 1.0)
      thor (~> 0.18)
    thor (0.19.1)

PLATFORMS
  ruby

DEPENDENCIES
  kitchen-digital_ocean
  kitchen-puppet
  kitchen-sync
  test-kitchen
